GEM
  remote: https://rubygems.org/
  specs:
    highline (1.6.20)
    json (1.8.1)
    librarian (0.1.2)
      highline
      thor (~> 0.15)
    librarian-puppet (0.9.13)
      json
      librarian (>= 0.1.2)
      open3_backport
    open3_backport (0.0.3)
      open4 (~> 1.3.0)
    open4 (1.3.0)
    thor (0.18.1)

PLATFORMS
  ruby

DEPENDENCIES
  librarian-puppet (~> 0.9.13)
